PATH
  remote: .
  specs:
    kerberos_authenticator (0.0.2)
      ffi (~> 1.9)

GEM
  remote: https://rubygems.org/
  specs:
    bacon (1.2.0)
    ffi (1.9.10)

PLATFORMS
  ruby

DEPENDENCIES
  bacon
  ffi
  kerberos_authenticator!

BUNDLED WITH
   1.11.2
